GEM
  remote: http://rubygems.org/
  specs:
    minitest (2.5.1)
    msgpack (0.4.7)
    rake (0.9.2.2)
    rake-compiler (0.8.1)
      rake

PLATFORMS
  ruby

DEPENDENCIES
  minitest
  msgpack
  rake
  rake-compiler
