PATH
  remote: .
  specs:
    mochilo (0.6)

GEM
  remote: https://rubygems.org/
  specs:
    coderay (1.0.9)
    method_source (0.8.1)
    minitest (4.1.0)
    msgpack (0.4.7)
    pry (0.9.12.2)
      coderay (~> 1.0.5)
      method_source (~> 0.8)
      slop (~> 3.4)
    rake (0.9.2.2)
    rake-compiler (0.8.1)
      rake
    slop (3.4.5)

PLATFORMS
  ruby

DEPENDENCIES
  minitest (>= 4.1.0)
  mochilo!
  msgpack
  pry
  rake-compiler (>= 0.8.1)
