PATH
  remote: .
  specs:
    mochilo (0.5)

GEM
  remote: http://rubygems.org/
  specs:
    minitest (4.1.0)
    msgpack (0.4.7)
    rake (0.9.2.2)
    rake-compiler (0.8.1)
      rake

PLATFORMS
  ruby

DEPENDENCIES
  minitest (>= 4.1.0)
  mochilo!
  msgpack
  rake-compiler (>= 0.8.1)
